GEM
  specs:
    bigdecimal (3.1.8)
    csv (3.3.2)
    httparty (0.23.1)
      csv
      mini_mime (>= 1.0.0)
      multi_xml (>= 0.5.2)
    mini_mime (1.1.5)
    multi_xml (0.7.2)
      bigdecimal (~> 3.1)
    pg (1.6.1-x64-mingw-ucrt)

PLATFORMS
  x64-mingw-ucrt

DEPENDENCIES
  httparty
  pg

BUNDLED WITH
   2.7.1
